GEM
  remote: https://rubygems.org/
  specs:
    actionmailer (4.0.4)
      actionpack (= 4.0.4)
      mail (~> 2.5.4)
    actionpack (4.0.4)
      activesupport (= 4.0.4)
      builder (~> 3.1.0)
      erubis (~> 2.7.0)
      rack (~> 1.5.2)
      rack-test (~> 0.6.2)
    activemodel (4.0.4)
      activesupport (= 4.0.4)
      builder (~> 3.1.0)
    activerecord (4.0.4)
      activemodel (= 4.0.4)
      activerecord-deprecated_finders (~> 1.0.2)
      activesupport (= 4.0.4)
      arel (~> 4.0.0)
    activerecord-deprecated_finders (1.0.3)
    activesupport (4.0.4)
      i18n (~> 0.6, >= 0.6.9)
      minitest (~> 4.2)
      multi_json (~> 1.3)
      thread_safe (~> 0.1)
      tzinfo (~> 0.3.37)
    arel (4.0.2)
    arrayfields (4.9.2)
    awesome_print (1.2.0)
    bcrypt (3.1.7)
    bootstrap-sass (3.1.0.2)
      sass (~> 3.2)
    bootstrap-wysihtml5-rails (0.3.1.23)
      railties (>= 3.0)
    builder (3.1.4)
    cane (2.6.1)
      parallel
    capybara (2.2.1)
      mime-types (>= 1.16)
      nokogiri (>= 1.3.3)
      rack (>= 1.0.0)
      rack-test (>= 0.5.4)
      xpath (~> 2.0)
    chronic (0.10.2)
    churn (0.0.35)
      chronic (>= 0.2.3)
      hirb
      json_pure
      main
      rest-client (>= 1.6.0)
      ruby_parser (~> 3.0)
      sexp_processor (~> 4.1)
    code_analyzer (0.4.5)
      sexp_processor
    code_metrics (0.1.3)
    coderay (1.1.0)
    coffee-rails (4.0.1)
      coffee-script (>= 2.2.0)
      railties (>= 4.0.0, < 5.0)
    coffee-script (2.2.0)
      coffee-script-source
      execjs
    coffee-script-source (1.7.0)
    colored (1.2)
    database_cleaner (1.2.0)
    devise (3.2.4)
      bcrypt (~> 3.0)
      orm_adapter (~> 0.1)
      railties (>= 3.2.6, < 5)
      thread_safe (~> 0.1)
      warden (~> 1.2.3)
    diff-lcs (1.2.5)
    erubis (2.7.0)
    execjs (2.0.2)
    factory_girl (4.4.0)
      activesupport (>= 3.0.0)
    factory_girl_rails (4.4.1)
      factory_girl (~> 4.4.0)
      railties (>= 3.0.0)
    fattr (2.2.2)
    flay (2.4.0)
      ruby_parser (~> 3.0)
      sexp_processor (~> 4.0)
    flay-haml (0.0.3)
      flay (>= 1.2, < 3)
      haml (>= 3, < 5)
    flog (4.2.0)
      ruby_parser (~> 3.1, > 3.1.0)
      sexp_processor (~> 4.4)
    haml (4.0.5)
      tilt
    hike (1.2.3)
    hirb (0.7.1)
    i18n (0.6.9)
    jbuilder (1.5.3)
      activesupport (>= 3.0.0)
      multi_json (>= 1.2.0)
    jquery-rails (3.1.0)
      railties (>= 3.0, < 5.0)
      thor (>= 0.14, < 2.0)
    json (1.8.1)
    json_pure (1.8.1)
    mail (2.5.4)
      mime-types (~> 1.16)
      treetop (~> 1.4.8)
    main (6.0.0)
      arrayfields (>= 4.7.4)
      chronic (>= 0.6.2)
      fattr (>= 2.2.0)
      map (>= 5.1.0)
    map (6.5.3)
    metric_fu (4.10.0)
      cane (~> 2.5, >= 2.5.2)
      churn (~> 0.0.35)
      code_metrics (~> 0.1)
      coderay
      flay (~> 2.1, >= 2.0.1)
      flog (~> 4.1, >= 4.1.1)
      metric_fu-Saikuro (~> 1.1, >= 1.1.3)
      multi_json
      rails_best_practices (~> 1.14, >= 1.14.3)
      redcard
      reek (~> 1.3, >= 1.3.4)
      roodi (~> 3.1)
    metric_fu-Saikuro (1.1.3)
    mime-types (1.25.1)
    mini_portile (0.5.3)
    minitest (4.7.5)
    multi_json (1.9.2)
    newrelic_rpm (3.7.3.204)
    nokogiri (1.6.1)
      mini_portile (~> 0.5.0)
    orm_adapter (0.5.0)
    parallel (1.0.0)
    paranoia (2.0.2)
      activerecord (~> 4.0)
    pg (0.17.1)
    polyamorous (0.6.4)
      activerecord (>= 3.0)
    polyglot (0.3.4)
    rack (1.5.2)
    rack-test (0.6.2)
      rack (>= 1.0)
    rails (4.0.4)
      actionmailer (= 4.0.4)
      actionpack (= 4.0.4)
      activerecord (= 4.0.4)
      activesupport (= 4.0.4)
      bundler (>= 1.3.0, < 2.0)
      railties (= 4.0.4)
      sprockets-rails (~> 2.0.0)
    rails-i18n (4.0.2)
      i18n (~> 0.6)
      rails (>= 4.0)
    rails_12factor (0.0.2)
      rails_serve_static_assets
      rails_stdout_logging
    rails_best_practices (1.15.2)
      activesupport
      awesome_print
      code_analyzer (>= 0.4.3)
      colored
      erubis
      i18n
      require_all
      ruby-progressbar
    rails_serve_static_assets (0.0.2)
    rails_stdout_logging (0.0.3)
    railties (4.0.4)
      actionpack (= 4.0.4)
      activesupport (= 4.0.4)
      rake (>= 0.8.7)
      thor (>= 0.18.1, < 2.0)
    rainbow (2.0.0)
    rake (10.2.2)
    rdoc (4.1.1)
      json (~> 1.4)
    redcard (1.1.0)
    reek (1.3.7)
      rainbow
      ruby2ruby (~> 2.0.8)
      ruby_parser (~> 3.3)
      sexp_processor
    require_all (1.3.2)
    rest-client (1.6.7)
      mime-types (>= 1.16)
    roodi (3.3.1)
      ruby_parser (~> 3.2, >= 3.2.2)
    rspec-core (2.14.8)
    rspec-expectations (2.14.5)
      diff-lcs (>= 1.1.3, < 2.0)
    rspec-mocks (2.14.6)
    rspec-rails (2.14.2)
      actionpack (>= 3.0)
      activemodel (>= 3.0)
      activesupport (>= 3.0)
      railties (>= 3.0)
      rspec-core (~> 2.14.0)
      rspec-expectations (~> 2.14.0)
      rspec-mocks (~> 2.14.0)
    ruby-progressbar (1.4.2)
    ruby2ruby (2.0.8)
      ruby_parser (~> 3.1)
      sexp_processor (~> 4.0)
    ruby_parser (3.5.0)
      sexp_processor (~> 4.1)
    sass (3.2.19)
    sass-rails (4.0.3)
      railties (>= 4.0.0, < 5.0)
      sass (~> 3.2.0)
      sprockets (~> 2.8, <= 2.11.0)
      sprockets-rails (~> 2.0)
    sdoc (0.4.0)
      json (~> 1.8)
      rdoc (~> 4.0, < 5.0)
    sexp_processor (4.4.3)
    simplecov (0.7.1)
      multi_json (~> 1.0)
      simplecov-html (~> 0.7.1)
    simplecov-html (0.7.1)
    sprockets (2.11.0)
      hike (~> 1.2)
      multi_json (~> 1.0)
      rack (~> 1.0)
      tilt (~> 1.1, != 1.3.0)
    sprockets-rails (2.0.1)
      actionpack (>= 3.0)
      activesupport (>= 3.0)
      sprockets (~> 2.8)
    squeel (1.1.1)
      activerecord (>= 3.0)
      activesupport (>= 3.0)
      polyamorous (~> 0.6.0)
    state_machine (1.2.0)
    thor (0.19.1)
    thread_safe (0.3.3)
    tilt (1.4.1)
    timecop (0.7.1)
    treetop (1.4.15)
      polyglot
      polyglot (>= 0.3.1)
    tzinfo (0.3.39)
    uglifier (2.5.0)
      execjs (>= 0.3.0)
      json (>= 1.8.0)
    warden (1.2.3)
      rack (>= 1.0)
    will_paginate (3.0.4)
    xpath (2.0.0)
      nokogiri (~> 1.3)

PLATFORMS
  ruby

DEPENDENCIES
  bootstrap-sass (~> 3.1.0.2)
  bootstrap-wysihtml5-rails
  capybara
  coffee-rails (~> 4.0.0)
  database_cleaner
  devise
  factory_girl (~> 4.4.0)
  factory_girl_rails
  flay-haml
  haml
  jbuilder (~> 1.2)
  jquery-rails
  metric_fu (~> 4.10.0)
  newrelic_rpm
  paranoia (~> 2.0)
  pg
  rails (= 4.0.4)
  rails-i18n (~> 4.0.0)
  rails_12factor
  rails_best_practices (~> 1.15.2)
  rspec-rails
  sass-rails (~> 4.0.0)
  sdoc
  simplecov
  squeel
  state_machine
  timecop
  uglifier (>= 1.3.0)
  will_paginate (= 3.0.4)
